GIT
  remote: https://github.com/puppetlabs/packaging
  revision: 43e14adf3cc3756bb5a776db9bc245c685c11f71
  branch: 1.0.x
  specs:
    packaging (0.108.0)
      apt_stage_artifacts
      artifactory (~> 3)
      csv (= 3.1.5)
      google-cloud-storage
      googleauth
      rake (>= 12.3)
      release-metrics

PATH
  remote: .
  specs:
    puppet (7.21.0)
      CFPropertyList (~> 2.2)
      concurrent-ruby (~> 1.0)
      deep_merge (~> 1.0)
      facter (>= 2.4.0, < 5)
      fast_gettext (>= 1.1, < 3)
      hiera (>= 3.2.1, < 4)
      locale (~> 2.1)
      multi_json (~> 1.13)
      scanf (~> 1.0)
      semantic_puppet (~> 1.0)

GEM
  remote: https://artifactory.delivery.puppetlabs.net/artifactory/api/gems/rubygems/
  specs:
    CFPropertyList (2.3.6)
    addressable (2.8.1)
      public_suffix (>= 2.0.2, < 6.0)
    apt_stage_artifacts (0.11.0)
      docopt
    artifactory (3.0.15)
    ast (2.4.2)
    coderay (1.1.3)
    concurrent-ruby (1.1.10)
    crack (0.4.5)
      rexml
    csv (3.1.5)
    declarative (0.0.20)
    deep_merge (1.2.2)
    diff-lcs (1.5.0)
    digest-crc (0.6.4)
      rake (>= 12.0.0, < 14.0.0)
    docopt (0.6.1)
    facter (4.2.13)
      hocon (~> 1.3)
      thor (>= 1.0.1, < 2.0)
    faraday (2.7.1)
      faraday-net_http (>= 2.0, < 3.1)
      ruby2_keywords (>= 0.0.4)
    faraday-net_http (3.0.2)
    fast_gettext (1.1.2)
    ffi (1.15.5)
    gettext (3.2.9)
      locale (>= 2.0.5)
      text (>= 1.3.0)
    gettext-setup (0.34)
      fast_gettext (~> 1.1.0)
      gettext (>= 3.0.2, < 3.3.0)
      locale
    google-apis-core (0.9.1)
      addressable (~> 2.5, >= 2.5.1)
      googleauth (>= 0.16.2, < 2.a)
      httpclient (>= 2.8.1, < 3.a)
      mini_mime (~> 1.0)
      representable (~> 3.0)
      retriable (>= 2.0, < 4.a)
      rexml
      webrick
    google-apis-iamcredentials_v1 (0.16.0)
      google-apis-core (>= 0.9.1, < 2.a)
    google-apis-storage_v1 (0.19.0)
      google-apis-core (>= 0.9.0, < 2.a)
    google-cloud-core (1.6.0)
      google-cloud-env (~> 1.0)
      google-cloud-errors (~> 1.0)
    google-cloud-env (1.6.0)
      faraday (>= 0.17.3, < 3.0)
    google-cloud-errors (1.3.0)
    google-cloud-storage (1.44.0)
      addressable (~> 2.8)
      digest-crc (~> 0.4)
      google-apis-iamcredentials_v1 (~> 0.1)
      google-apis-storage_v1 (~> 0.19.0)
      google-cloud-core (~> 1.6)
      googleauth (>= 0.16.2, < 2.a)
      mini_mime (~> 1.0)
    googleauth (1.3.0)
      faraday (>= 0.17.3, < 3.a)
      jwt (>= 1.4, < 3.0)
      memoist (~> 0.16)
      multi_json (~> 1.11)
      os (>= 0.9, < 2.0)
      signet (>= 0.16, < 2.a)
    hashdiff (1.0.1)
    hiera (3.10.0)
    hiera-eyaml (3.3.0)
      highline
      optimist
    highline (2.0.3)
    hocon (1.3.1)
    hpricot (0.8.6)
    httpclient (2.8.3)
    json-schema (2.8.1)
      addressable (>= 2.4)
    jwt (2.5.0)
    locale (2.1.3)
    memoist (0.16.2)
    memory_profiler (1.0.1)
    method_source (1.0.0)
    mini_mime (1.1.2)
    minitar (0.9)
    msgpack (1.6.0)
    multi_json (1.15.0)
    mustache (1.1.1)
    optimist (3.0.1)
    os (1.1.4)
    parallel (1.22.1)
    parser (2.7.2.0)
      ast (~> 2.4.1)
    powerpack (0.1.3)
    pry (0.14.1)
      coderay (~> 1.1)
      method_source (~> 1.0)
    public_suffix (5.0.1)
    puppet-resource_api (1.8.14)
      hocon (>= 1.0)
    puppetserver-ca (2.3.6)
      facter (>= 2.0.1, < 5)
    racc (1.5.2)
    rainbow (2.2.2)
      rake
    rake (13.0.6)
    rdiscount (2.2.7)
    rdoc (6.3.3)
    release-metrics (1.1.0)
      csv
      docopt
    representable (3.2.0)
      declarative (< 0.1.0)
      trailblazer-option (>= 0.1.1, < 0.2.0)
      uber (< 0.2.0)
    retriable (3.1.2)
    rexml (3.2.5)
    ronn (0.7.3)
      hpricot (>= 0.8.2)
      mustache (>= 0.7.0)
      rdiscount (>= 1.5.8)
    rspec (3.12.0)
      rspec-core (~> 3.12.0)
      rspec-expectations (~> 3.12.0)
      rspec-mocks (~> 3.12.0)
    rspec-core (3.12.0)
      rspec-support (~> 3.12.0)
    rspec-expectations (3.12.0)
      diff-lcs (>= 1.2.0, < 2.0)
      rspec-support (~> 3.12.0)
    rspec-its (1.3.0)
      rspec-core (>= 3.0.0)
      rspec-expectations (>= 3.0.0)
    rspec-mocks (3.12.0)
      diff-lcs (>= 1.2.0, < 2.0)
      rspec-support (~> 3.12.0)
    rspec-support (3.12.0)
    rubocop (0.49.1)
      parallel (~> 1.10)
      parser (>= 2.3.3.1, < 3.0)
      powerpack (~> 0.1)
      rainbow (>= 1.99.1, < 3.0)
      ruby-progressbar (~> 1.7)
      unicode-display_width (~> 1.0, >= 1.0.1)
    rubocop-i18n (1.2.0)
      rubocop (~> 0.49.0)
    ruby-prof (1.4.3)
    ruby-progressbar (1.11.0)
    ruby2_keywords (0.0.5)
    scanf (1.0.0)
    semantic_puppet (1.0.4)
    signet (0.17.0)
      addressable (~> 2.8)
      faraday (>= 0.17.5, < 3.a)
      jwt (>= 1.5, < 3.0)
      multi_json (~> 1.10)
    text (1.3.1)
    thor (1.2.1)
    trailblazer-option (0.1.2)
    uber (0.1.0)
    unicode-display_width (1.8.0)
    vcr (5.1.0)
    webmock (3.18.1)
      addressable (>= 2.8.0)
      crack (>= 0.3.2)
      hashdiff (>= 0.4.0, < 2.0.0)
    webrick (1.7.0)
    yard (0.9.28)
      webrick (~> 1.7.0)

PLATFORMS
  x86_64-linux

DEPENDENCIES
  diff-lcs (~> 1.3)
  ffi
  gettext-setup (~> 0.28)
  hiera-eyaml
  hocon (~> 1.0)
  json-schema (~> 2.0)
  memory_profiler
  minitar (~> 0.9)
  msgpack (~> 1.2)
  packaging!
  pry
  puppet!
  puppet-resource_api (~> 1.5)
  puppetserver-ca (~> 2.0)
  racc (= 1.5.2)
  rake (~> 13.0)
  rdoc (~> 6.0, < 6.4.0)
  ronn (~> 0.7.3)
  rspec (~> 3.1)
  rspec-expectations (~> 3.9, != 3.9.3)
  rspec-its (~> 1.1)
  rubocop (~> 0.49)
  rubocop-i18n (~> 1.2.0)
  ruby-prof (>= 0.16.0)
  semantic_puppet (~> 1.0)
  vcr (~> 5.0)
  webmock (~> 3.0)
  yard

BUNDLED WITH
   2.3.22
